GEM
  remote: https://rubygems.org/
  specs:
    minitest (5.16.3)
    nio4r (2.5.8)
    puma (6.0.0)
      nio4r (~> 2.0)
    rake (13.0.6)

PLATFORMS
  x86_64-darwin-20

DEPENDENCIES
  minitest (~> 5.16)
  puma (~> 6.0)
  rake (~> 13.0)

BUNDLED WITH
   2.3.24
