GEM
  remote: https://rubygems.org/
  specs:
    nio4r (2.5.8)
    puma (6.0.0)
      nio4r (~> 2.0)

PLATFORMS
  x86_64-darwin-20

DEPENDENCIES
  puma (~> 6.0)

BUNDLED WITH
   2.3.24
